GEM
  remote: http://rubygems.org/
  specs:
    activemodel (3.2.1)
      activesupport (= 3.2.1)
      builder (~> 3.0.0)
    activesupport (3.2.1)
      i18n (~> 0.6)
      multi_json (~> 1.0)
    bson (1.7.0)
    builder (3.0.0)
    daemons (1.1.9)
    eventmachine (1.0.0-x86-mingw32)
    faraday (0.8.4)
      multipart-post (~> 1.1)
    i18n (0.6.0)
    koala (1.5.0)
      faraday (~> 0.7)
      multi_json (~> 1.3)
    macaddr (1.6.1)
      systemu (~> 2.5.0)
    mongo (1.7.0)
      bson (~> 1.7.0)
    mongo_mapper (0.12.0)
      activemodel (~> 3.0)
      activesupport (~> 3.0)
      plucky (~> 0.5.2)
    multi_json (1.3.6)
    multipart-post (1.1.5)
    plucky (0.5.2)
      mongo (~> 1.5)
    rack (1.4.1)
    shotgun (0.9)
      rack (>= 1.0)
    sinatra (1.1.0)
      rack (~> 1.1)
      tilt (~> 1.1)
    systemu (2.5.2)
    thin (1.5.0)
      daemons (>= 1.0.9)
      eventmachine (>= 0.12.6)
      rack (>= 1.0.0)
    tilt (1.3.3)
    uuid (2.3.5)
      macaddr (~> 1.0)

PLATFORMS
  x86-mingw32

DEPENDENCIES
  koala
  mongo
  mongo_mapper
  shotgun
  sinatra (= 1.1.0)
  thin
  uuid
